GEM
  remote: https://gems.ruby-china.org/
  specs:
    god (0.13.7)
    rack (1.6.8)
    sinatra (1.1.0)
      rack (~> 1.1)
      tilt (~> 1.1)
    tilt (1.4.1)

PLATFORMS
  ruby

DEPENDENCIES
  god (= 0.13.7)
  sinatra (= 1.1.0)

BUNDLED WITH
   1.12.5
